GEM
  remote: https://rubygems.org/
  specs:
    highline (1.6.21)
    rack (1.5.2)
    rack-protection (1.5.3)
      rack
    sinatra (1.4.5)
      rack (~> 1.4)
      rack-protection (~> 1.4)
      tilt (~> 1.3, >= 1.3.4)
    sqlite3 (1.3.9)
    tilt (1.4.1)

PLATFORMS
  ruby

DEPENDENCIES
  highline (~> 1.6.21)
  sinatra
  sqlite3 (~> 1.3.9)
