GEM
  remote: https://rubygems.org/
  specs:
    highline (1.6.21)
    sqlite3 (1.3.9)

PLATFORMS
  ruby

DEPENDENCIES
  highline (~> 1.6.21)
  sqlite3 (~> 1.3.9)
